GIT
  remote: git@github.com:github/docs-builder.git
  revision: 3b0a4c0e7654a6cf37ffb9a969e390e4420b19d0
  branch: master
  specs:
    docs-builder (0.2.1)
      activesupport (= 4.2.2)
      awesome_print (= 1.6.1)
      builder (= 3.2.2)
      dogstatsd-ruby (= 2.2.0)
      extended-markdown-filter (= 0.4.6)
      gemoji (= 2.1.0)
      github-markdown (= 0.6.9)
      html-pipeline (= 2.5.0)
      nanoc (= 4.3.2)
      nanoc-conref-fs (= 0.6.7)
      nanoc-html-pipeline (= 0.3.3)
      nanoc-redirector (= 0.2.1)
      rake (~> 10.3.2)

GEM
  remote: http://rubygems.org/
  specs:
    activesupport (4.2.2)
      i18n (~> 0.7)
      json (~> 1.7, >= 1.7.7)
      minitest (~> 5.1)
      thread_safe (~> 0.3, >= 0.3.4)
      tzinfo (~> 1.1)
    addressable (2.5.1)
      public_suffix (~> 2.0, >= 2.0.2)
    awesome_print (1.6.1)
    builder (3.2.2)
    capybara (2.14.4)
      addressable
      mime-types (>= 1.16)
      nokogiri (>= 1.3.3)
      rack (>= 1.0.0)
      rack-test (>= 0.5.4)
      xpath (~> 2.0)
    colored (1.2)
    concurrent-ruby (1.0.5)
    cri (2.9.1)
      colored (~> 1.2)
    diff-lcs (1.3)
    dogstatsd-ruby (2.2.0)
    extended-markdown-filter (0.4.6)
      html-pipeline (~> 2.0)
      nokogiri (~> 1.6.4)
    gemoji (2.1.0)
    github-markdown (0.6.9)
    hamster (3.0.0)
      concurrent-ruby (~> 1.0)
    html-pipeline (2.5.0)
      activesupport (>= 2)
      nokogiri (>= 1.4)
    html-pipeline-rouge_filter (1.0.5)
      activesupport
      html-pipeline (>= 1.11)
      rouge (~> 2.0.7)
    i18n (0.8.6)
    json (1.8.6)
    launchy (2.4.3)
      addressable (~> 2.3)
    liquid (3.0.6)
    mime-types (3.1)
      mime-types-data (~> 3.2015)
    mime-types-data (3.2016.0521)
    mini_portile2 (2.1.0)
    minitest (5.10.2)
    nanoc (4.3.2)
      cri (~> 2.3)
      hamster (~> 3.0)
      ref (~> 2.0)
    nanoc-conref-fs (0.6.7)
      activesupport (~> 4.2)
      liquid (= 3.0.6)
      nanoc (~> 4.3.0)
    nanoc-html-pipeline (0.3.3)
      html-pipeline (~> 2.0)
      nanoc (>= 3.1, < 5.0)
    nanoc-redirector (0.2.1)
      nanoc (~> 4.3.0)
    nokogiri (1.6.8.1)
      mini_portile2 (~> 2.1.0)
    page-toc-filter (0.1.0)
      html-pipeline (~> 2.0)
      nokogiri (~> 1.6.4)
    public_suffix (2.0.5)
    rack (2.0.3)
    rack-test (0.7.0)
      rack (>= 1.0, < 3)
    rake (10.3.2)
    ref (2.0.0)
    rouge (2.0.7)
    rspec (3.6.0)
      rspec-core (~> 3.6.0)
      rspec-expectations (~> 3.6.0)
      rspec-mocks (~> 3.6.0)
    rspec-core (3.6.0)
      rspec-support (~> 3.6.0)
    rspec-expectations (3.6.0)
      diff-lcs (>= 1.2.0, < 2.0)
      rspec-support (~> 3.6.0)
    rspec-mocks (3.6.0)
      diff-lcs (>= 1.2.0, < 2.0)
      rspec-support (~> 3.6.0)
    rspec-support (3.6.0)
    thread_safe (0.3.6)
    tzinfo (1.2.3)
      thread_safe (~> 0.1)
    xpath (2.1.0)
      nokogiri (~> 1.3)

PLATFORMS
  ruby

DEPENDENCIES
  capybara (~> 2.13)
  docs-builder!
  html-pipeline-rouge_filter
  launchy (~> 2.4)
  nokogiri (~> 1.6.0)
  page-toc-filter
  rspec (~> 3.6)

RUBY VERSION
   ruby 2.2.3p173

BUNDLED WITH
   1.14.6
