GIT
  remote: git@github.com:github/docs-builder.git
  revision: 3b0a4c0e7654a6cf37ffb9a969e390e4420b19d0
  branch: master
  specs:
    docs-builder (0.2.1)
      activesupport (= 4.2.2)
      awesome_print (= 1.6.1)
      builder (= 3.2.2)
      dogstatsd-ruby (= 2.2.0)
      extended-markdown-filter (= 0.4.6)
      gemoji (= 2.1.0)
      github-markdown (= 0.6.9)
      html-pipeline (= 2.5.0)
      nanoc (= 4.3.2)
      nanoc-conref-fs (= 0.6.7)
      nanoc-html-pipeline (= 0.3.3)
      nanoc-redirector (= 0.2.1)
      rake (~> 10.3.2)

GEM
  remote: http://rubygems.org/
  specs:
    activesupport (4.2.2)
      i18n (~> 0.7)
      json (~> 1.7, >= 1.7.7)
      minitest (~> 5.1)
      thread_safe (~> 0.3, >= 0.3.4)
      tzinfo (~> 1.1)
    awesome_print (1.6.1)
    builder (3.2.2)
    colored (1.2)
    concurrent-ruby (1.0.5)
    cri (2.9.1)
      colored (~> 1.2)
    dogstatsd-ruby (2.2.0)
    extended-markdown-filter (0.4.6)
      html-pipeline (~> 2.0)
      nokogiri (~> 1.6.4)
    gemoji (2.1.0)
    github-markdown (0.6.9)
    hamster (3.0.0)
      concurrent-ruby (~> 1.0)
    html-pipeline (2.5.0)
      activesupport (>= 2)
      nokogiri (>= 1.4)
    i18n (0.8.6)
    json (1.8.6)
    liquid (3.0.6)
    mini_portile2 (2.1.0)
    minitest (5.10.2)
    nanoc (4.3.2)
      cri (~> 2.3)
      hamster (~> 3.0)
      ref (~> 2.0)
    nanoc-conref-fs (0.6.7)
      activesupport (~> 4.2)
      liquid (= 3.0.6)
      nanoc (~> 4.3.0)
    nanoc-html-pipeline (0.3.3)
      html-pipeline (~> 2.0)
      nanoc (>= 3.1, < 5.0)
    nanoc-redirector (0.2.1)
      nanoc (~> 4.3.0)
    nokogiri (1.6.8.1)
      mini_portile2 (~> 2.1.0)
    rake (10.3.2)
    ref (2.0.0)
    thread_safe (0.3.6)
    tzinfo (1.2.3)
      thread_safe (~> 0.1)

PLATFORMS
  ruby

DEPENDENCIES
  docs-builder!
  rake (~> 10.3.2)

RUBY VERSION
   ruby 2.2.3p173

BUNDLED WITH
   1.14.6
